GEM
  remote: https://rubygems.org/
  specs:
    dotenv (2.5.0)
    httpclient (2.8.3)
    tinify (1.5.0)
      httpclient (~> 2.6)

PLATFORMS
  ruby

DEPENDENCIES
  dotenv
  tinify

BUNDLED WITH
   1.16.2
